PATH
  remote: .
  specs:
    flico (0.0.1)
      flickraw
      mini_magick

GEM
  remote: https://rubygems.org/
  specs:
    diff-lcs (1.3)
    flickraw (0.9.9)
    mini_magick (4.7.1)
    rake (12.0.0)
    rspec (3.6.0)
      rspec-core (~> 3.6.0)
      rspec-expectations (~> 3.6.0)
      rspec-mocks (~> 3.6.0)
    rspec-core (3.6.0)
      rspec-support (~> 3.6.0)
    rspec-expectations (3.6.0)
      diff-lcs (>= 1.2.0, < 2.0)
      rspec-support (~> 3.6.0)
    rspec-mocks (3.6.0)
      diff-lcs (>= 1.2.0, < 2.0)
      rspec-support (~> 3.6.0)
    rspec-support (3.6.0)

PLATFORMS
  ruby

DEPENDENCIES
  bundler
  flico!
  rake
  rspec

BUNDLED WITH
   1.15.1
